GEM
  remote: https://rubygems.org/
  specs:
    activesupport (5.2.4.3)
      concurrent-ruby (~> 1.0, >= 1.0.2)
      i18n (>= 0.7, < 2)
      minitest (~> 5.1)
      tzinfo (~> 1.1)
    addressable (2.7.0)
      public_suffix (>= 2.0.2, < 5.0)
    bonsai (1.4.9)
      activesupport (>= 3.0.3)
      builder (>= 3.0.0)
      i18n (>= 0.5.0)
      launchy (>= 0.3.7)
      liquid (>= 2.2.2)
      maruku (>= 0.6.0)
      rack
      sass
      sinatra (>= 1.0)
      tilt (>= 1.3)
      watch (>= 0.1.0)
      yui-compressor
    builder (3.2.4)
    concurrent-ruby (1.1.6)
    ffi (1.13.1)
    hpricot (0.8.6)
    i18n (1.8.3)
      concurrent-ruby (~> 1.0)
    launchy (2.5.0)
      addressable (~> 2.7)
    liquid (4.0.3)
    maruku (0.7.3)
    minitest (5.14.1)
    mustache (0.99.8)
    mustermann (1.1.1)
      ruby2_keywords (~> 0.0.1)
    public_suffix (4.0.5)
    rack (2.2.3)
    rack-protection (2.0.8.1)
      rack
    rake (10.4.2)
    rb-fsevent (0.10.4)
    rb-inotify (0.10.1)
      ffi (~> 1.0)
    rdiscount (2.1.8)
    ronn (0.7.3)
      hpricot (>= 0.8.2)
      mustache (>= 0.7.0)
      rdiscount (>= 1.5.8)
    ruby2_keywords (0.0.2)
    sass (3.7.4)
      sass-listen (~> 4.0.0)
    sass-listen (4.0.0)
      rb-fsevent (~> 0.9, >= 0.9.4)
      rb-inotify (~> 0.9, >= 0.9.7)
    sinatra (2.0.8.1)
      mustermann (~> 1.0)
      rack (~> 2.0)
      rack-protection (= 2.0.8.1)
      tilt (~> 2.0)
    thread_safe (0.3.6)
    tilt (2.0.10)
    tzinfo (1.2.7)
      thread_safe (~> 0.1)
    watch (0.1.0)
    yui-compressor (0.12.0)

PLATFORMS
  ruby

DEPENDENCIES
  bonsai (>= 1.4.9)
  maruku
  mustache (< 1.0)
  rake
  ronn

BUNDLED WITH
   1.17.3
